PATH
  remote: .
  specs:
    sidekiq-heroku-scaler (0.1.5)
      platform-api (~> 2.2)
      sidekiq (> 4, < 7)

GEM
  remote: https://rubygems.org/
  specs:
    ast (2.4.0)
    connection_pool (2.2.3)
    diff-lcs (1.3)
    erubis (2.7.0)
    excon (0.78.1)
    heroics (0.1.1)
      erubis (~> 2.0)
      excon
      moneta
      multi_json (>= 1.9.2)
    jaro_winkler (1.5.1)
    moneta (1.0.0)
    multi_json (1.15.0)
    parallel (1.12.1)
    parser (2.5.3.0)
      ast (~> 2.4.0)
    platform-api (2.3.0)
      heroics (~> 0.1.1)
      moneta (~> 1.0.0)
      rate_throttle_client (~> 0.1.0)
    powerpack (0.1.2)
    rack (2.2.3)
    rainbow (3.0.0)
    rake (12.3.2)
    rate_throttle_client (0.1.2)
    redis (4.2.5)
    rspec (3.8.0)
      rspec-core (~> 3.8.0)
      rspec-expectations (~> 3.8.0)
      rspec-mocks (~> 3.8.0)
    rspec-core (3.8.0)
      rspec-support (~> 3.8.0)
    rspec-expectations (3.8.2)
      diff-lcs (>= 1.2.0, < 2.0)
      rspec-support (~> 3.8.0)
    rspec-mocks (3.8.0)
      diff-lcs (>= 1.2.0, < 2.0)
      rspec-support (~> 3.8.0)
    rspec-support (3.8.0)
    rubocop (0.61.1)
      jaro_winkler (~> 1.5.1)
      parallel (~> 1.10)
      parser (>= 2.5, != 2.5.1.1)
      powerpack (~> 0.1)
      rainbow (>= 2.2.2, < 4.0)
      ruby-progressbar (~> 1.7)
      unicode-display_width (~> 1.4.0)
    ruby-progressbar (1.10.0)
    sidekiq (6.1.3)
      connection_pool (>= 2.2.2)
      rack (~> 2.0)
      redis (>= 4.2.0)
    unicode-display_width (1.4.1)

PLATFORMS
  ruby

DEPENDENCIES
  bundler
  rake
  rspec
  rubocop
  sidekiq-heroku-scaler!

BUNDLED WITH
   2.2.6
